PATH
  remote: .
  specs:
    habittracker (0.1.0)
      commander
      terminal-table

GEM
  remote: https://rubygems.org/
  specs:
    commander (4.4.3)
      highline (~> 1.7.2)
    highline (1.7.8)
    minitest (5.10.1)
    rake (10.5.0)
    terminal-table (1.7.3)
      unicode-display_width (~> 1.1.1)
    unicode-display_width (1.1.3)

PLATFORMS
  ruby

DEPENDENCIES
  bundler (~> 1.13)
  habittracker!
  minitest (~> 5.0)
  rake (~> 10.0)

BUNDLED WITH
   1.13.7
